PATH
  remote: .
  specs:
    rails_database_await (1.0.0)
      activerecord (>= 3)

GEM
  remote: https://rubygems.org/
  specs:
    activemodel (3.2.22.5)
      activesupport (= 3.2.22.5)
      builder (~> 3.0.0)
    activerecord (3.2.22.5)
      activemodel (= 3.2.22.5)
      activesupport (= 3.2.22.5)
      arel (~> 3.0.2)
      tzinfo (~> 0.3.29)
    activesupport (3.2.22.5)
      i18n (~> 0.6, >= 0.6.4)
      multi_json (~> 1.0)
    arel (3.0.3)
    builder (3.0.4)
    concurrent-ruby (1.2.2)
    i18n (0.9.5)
      concurrent-ruby (~> 1.0)
    multi_json (1.15.0)
    rake (13.0.6)
    tzinfo (0.3.62)

PLATFORMS
  arm64-darwin-22

DEPENDENCIES
  rails_database_await!
  rake (~> 13.0)

BUNDLED WITH
   2.4.14
